GEM
  remote: http://rubygems.org/
  specs:
    amq-client (0.8.0)
      amq-protocol (>= 0.8.0)
      eventmachine
    amq-protocol (0.8.0)
    amqp (0.8.0.rc14)
      amq-client (>= 0.8.0)
      amq-protocol (>= 0.8.0)
      eventmachine
    daemon-kit (0.1.8.1)
      eventmachine (>= 0.12.10)
    eventmachine (0.12.10)
    eventmachine-tail (0.6.2)
      eventmachine
    json (1.5.3)

PLATFORMS
  ruby

DEPENDENCIES
  amqp (= 0.8.0.rc14)
  daemon-kit
  eventmachine-tail
  json
